GIT
  remote: git://github.com/radar/summer.git
  revision: 939400953f55fcff36e8e8d36552c4ba2aea9bb1
  branch: master
  specs:
    summer (1.0.0)
      active_support (>= 3)

GEM
  remote: http://rubygems.org/
  specs:
    active_support (3.0.0)
      activesupport (= 3.0.0)
    activesupport (3.0.0)
    coderay (1.1.0)
    method_source (0.8.2)
    pry (0.9.12.4)
      coderay (~> 1.0)
      method_source (~> 0.8)
      slop (~> 3.4)
    slop (3.4.7)

PLATFORMS
  ruby

DEPENDENCIES
  pry
  summer!
